{"InPlanePhaseEncodingDirectionDICOM": "COL", "ConsistencyInfo": "N4_VE11C_LATEST_20160120", "ProcedureStepDescription": "MPIL_fMRI-Studies", "DeviceSerialNumber": "170014", "AcquisitionMatrixPE": 64, "ImageOrientationPatientDICOM": [1, 0, 0, 0, 0.945519, -0.325568], "EffectiveEchoSpacing": 0.000579993, "TotalReadoutTime": 0.0365395, "ManufacturersModelName": "Skyra_fit", "ProtocolName": "ep2d_bold_standard_resting", "PhaseEncodingDirection": "j-", "BandwidthPerPixelPhaseEncode": 26.94, "RepetitionTime": 2, "EchoTrainLength": 64, "MagneticFieldStrength": 3, "PhaseEncodingSteps": 64, "MRAcquisitionType": "2D", "SliceThickness": 4, "AcquisitionNumber": 1, "InstitutionName": "MPI", "DwellTime": 4e-06, "TxRefAmp": 299.204, "BodyPartExamined": "BRAIN", "ReceiveCoilActiveElements": "HEA;HEP", "DerivedVendorReportedEchoSpacing": 0.000579993, "SAR": 0.0977712, "PulseSequenceDetails": "%SiemensSeq%_ep2d_bold", "ScanningSequence": "EP", "Manufacturer": "Siemens", "ConversionSoftware": "dcm2niix", "PercentPhaseFOV": 100, "ReconMatrixPE": 64, "FlipAngle": 90, "ConversionSoftwareVersion": "v1.0.20190410  GCC7.4.0", "SeriesDescription": "ep2d_bold_standard_resting", "PartialFourier": 1, "InstitutionAddress": "Stephanstrasse_1A_Leipzig_District_DE_04103", "AcquisitionTime": "12:52:48.220000", "ShimSetting": [7658, -14286, -15066, 679, 383, 159, -118, -93], "PatientPosition": "HFS", "SequenceName": "_epfid2d1_64", "SeriesNumber": 8, "TaskName": "rest", "SpacingBetweenSlices": 5, "ImageType": ["ORIGINAL", "PRIMARY", "M", "ND", "NORM", "MOSAIC"], "ReceiveCoilName": "Head_32", "EchoTime": 0.03, "SequenceVariant": "SK", "SliceTiming": [0.99, 0, 1.055, 0.065, 1.1225, 0.1325, 1.1875, 0.1975, 1.255, 0.265, 1.32, 0.33, 1.385, 0.395, 1.4525, 0.4625, 1.5175, 0.5275, 1.5825, 0.595, 1.65, 0.66, 1.715, 0.725, 1.7825, 0.7925, 1.8475, 0.8575, 1.9125, 0.925], "ImagingFrequency": 123.251, "BaseResolution": 64, "PixelBandwidth": 1955, "ScanOptions": "FS", "PhaseResolution": 1, "SoftwareVersions": "syngo_MR_E11", "StationName": "MRC40635", "Modality": "MR", "InstitutionalDepartmentName": "Department"}